GIT
  remote: git://github.com/intridea/hashie
  revision: 8dd0fec950c33373c5c954d7ac72df4724334b12
  specs:
    hashie (2.0.0.beta)

GIT
  remote: git://github.com/mark-moseley/linecache
  revision: 869c6a65155068415925067e480741bd0a71527e
  specs:
    linecache19 (0.5.12)
      ruby_core_source (>= 0.1.4)

GEM
  remote: http://rubygems.org/
  specs:
    archive-tar-minitar (0.5.2)
    coderay (1.0.6)
    columnize (0.3.6)
    hipchat (0.4.1)
      httparty
    httparty (0.8.3)
      multi_json (~> 1.0)
      multi_xml
    method_source (0.7.1)
    multi_json (1.3.6)
    multi_xml (0.5.1)
    pry (0.9.9.6)
      coderay (~> 1.0.5)
      method_source (~> 0.7.1)
      slop (>= 2.4.4, < 3)
    rake (0.9.2.2)
    ruby-debug-base19 (0.11.25)
      columnize (>= 0.3.1)
      linecache19 (>= 0.5.11)
      ruby_core_source (>= 0.1.4)
    ruby-debug-base19x (0.11.30.pre10)
      columnize (>= 0.3.1)
      linecache19 (>= 0.5.11)
      rake (>= 0.8.1)
      ruby_core_source (>= 0.1.4)
    ruby-debug19 (0.11.6)
      columnize (>= 0.3.1)
      linecache19 (>= 0.5.11)
      ruby-debug-base19 (>= 0.11.19)
    ruby_core_source (0.1.5)
      archive-tar-minitar (>= 0.5.2)
    sequel (3.36.1)
    slop (2.4.4)
    sqlite3 (1.3.6)
    yard (0.8.2.1)

PLATFORMS
  ruby

DEPENDENCIES
  hashie!
  hipchat
  linecache19!
  pry
  ruby-debug-base19x (~> 0.11.30.pre4)
  ruby-debug19
  sequel
  sqlite3
  yard
